GEM
  remote: https://rubygems.org/
  specs:
    text-hyphen (1.4.1)
    textstat (0.1.6)
      text-hyphen (~> 1.4, >= 1.4.1)

PLATFORMS
  ruby

DEPENDENCIES
  textstat

BUNDLED WITH
   2.1.4
